GIT
  remote: https://github.com/reebok159/Codebreaker.git
  revision: 901b90c366164ac68004a8f1d6459294249fcc98
  branch: dev
  specs:
    codebreaker (1.1.3)

GEM
  remote: https://rubygems.org/
  specs:
    coderay (1.1.2)
    method_source (0.9.0)
    pry (0.11.1)
      coderay (~> 1.1.0)
      method_source (~> 0.9.0)
    rack (2.0.3)

PLATFORMS
  ruby

DEPENDENCIES
  codebreaker!
  pry
  rack

RUBY VERSION
   ruby 2.4.0p0

BUNDLED WITH
   1.15.1
